GEM
  remote: http://rubygems.org/
  specs:
    addressable (2.3.8)
    builder (3.2.4)
    faraday (0.8.11)
      multipart-post (~> 1.2.0)
    flexmock (0.8.11)
    git (1.2.9.1)
    github_api (0.10.1)
      addressable
      faraday (~> 0.8.1)
      hashie (>= 1.2)
      multi_json (~> 1.4)
      nokogiri (~> 1.5.2)
      oauth2
    hashie (4.1.0)
    highline (1.6.21)
    hoe (3.20.0)
      rake (>= 0.8, < 15.0)
    jeweler (2.1.1)
      builder
      bundler (>= 1.0)
      git (>= 1.2.5)
      github_api
      highline (>= 1.6.15)
      nokogiri (>= 1.5.10)
      rake
      rdoc
      semver
    json (1.8.6)
    jwt (1.5.6)
    mail (2.6.3)
      mime-types (>= 1.16, < 3)
    mime-types (1.19)
    multi_json (1.15.0)
    multi_xml (0.6.0)
    multipart-post (1.2.0)
    nokogiri (1.5.11)
    oauth2 (1.4.0)
      faraday (>= 0.8, < 0.13)
      jwt (~> 1.0)
      multi_json (~> 1.3)
      multi_xml (~> 0.5)
      rack (>= 1.2, < 3)
    rack (1.6.13)
    rake (10.5.0)
    rdoc (4.2.2)
      json (~> 1.4)
    semver (1.0.1)
    shoulda-context (1.1.5)
    test-unit (1.2.3)
      hoe (>= 1.5.1)
    timecop (0.6.1)
    xml-simple (1.1.5)

PLATFORMS
  ruby

DEPENDENCIES
  builder
  bundler (>= 1.17)
  flexmock (~> 0.8.11)
  jeweler
  mail (= 2.6.3)
  mime-types (= 1.19)
  rake
  shoulda-context (= 1.1.5)
  test-unit (= 1.2.3)
  timecop
  xml-simple

BUNDLED WITH
   1.17.2
